GEM
  remote: http://rubygems.org/
  specs:
    fakeweb (1.3.0)
    hoe (2.8.0)
      rake (>= 0.8.7)
    minitest (2.0.2)
    mocha (0.9.12)
    new_base_60 (1.0.3)
    rack (1.2.1)
    rake (0.8.7)
    redis (2.1.1)
    redis-namespace (0.10.0)
      redis (< 3.0.0)
    sinatra (1.1.2)
      rack (~> 1.1)
      tilt (~> 1.2)
    tilt (1.2.2)

PLATFORMS
  ruby

DEPENDENCIES
  fakeweb (= 1.3.0)
  hoe (= 2.8.0)
  minitest (= 2.0.2)
  mocha (= 0.9.12)
  new_base_60 (= 1.0.3)
  rack (= 1.2.1)
  redis-namespace (= 0.10.0)
  sinatra (= 1.1.2)
