GEM
  remote: https://rubygems.org/
  specs:
    activesupport (3.0.5)
    configuration (1.2.0)
    fakeweb (1.3.0)
    heroku (1.19.1)
      activesupport (>= 2.1.0)
      launchy (~> 0.3.2)
      rest-client (>= 1.4.0, < 1.7.0)
    hoe (2.8.0)
      rake (>= 0.8.7)
    hoe-doofus (1.0.0)
    hoe-git (1.3.0)
      hoe (>= 2.2.0)
    launchy (0.3.7)
      configuration (>= 0.0.5)
      rake (>= 0.8.1)
    mime-types (1.16)
    minitest (2.0.2)
    mocha (0.9.12)
    new_base_60 (1.0.4)
    rack (1.2.2)
    rake (0.8.7)
    redis (2.1.1)
    redis-namespace (0.10.0)
      redis (< 3.0.0)
    rest-client (1.6.1)
      mime-types (>= 1.16)
    sinatra (1.2.1)
      rack (~> 1.1)
      tilt (>= 1.2.2, < 2.0)
    tilt (1.2.2)

PLATFORMS
  ruby

DEPENDENCIES
  fakeweb
  heroku
  hoe
  hoe-doofus
  hoe-git
  minitest
  mocha
  new_base_60 (= 1.0.4)
  redis-namespace (= 0.10.0)
  sinatra (= 1.2.1)
